GEM
  remote: https://rubygems.org/
  specs:
    addressable (2.5.2)
      public_suffix (>= 2.0.2, < 4.0)
    httparty (0.16.4)
      mime-types (~> 3.0)
      multi_xml (>= 0.5.2)
    json (2.2.0)
    json-schema (2.8.0)
      addressable (>= 2.4)
    mime-types (3.2.2)
      mime-types-data (~> 3.2015)
    mime-types-data (3.2019.0331)
    multi_xml (0.6.0)
    public_suffix (3.0.2)
    rake (12.3.2)

PLATFORMS
  ruby

DEPENDENCIES
  httparty
  json
  json-schema
  rake

BUNDLED WITH
   1.17.2
