GEM
  remote: https://rubygems.org/
  specs:
    addressable (2.8.0)
      public_suffix (>= 2.0.2, < 5.0)
    json (2.6.1)
    json-schema (2.8.1)
      addressable (>= 2.4)
    public_suffix (4.0.6)
    rake (13.0.6)

PLATFORMS
  ruby

DEPENDENCIES
  json
  json-schema
  rake

BUNDLED WITH
   2.3.3
